PATH
  remote: .
  specs:
    dndhelper (0.1)

GEM
  remote: https://rubygems.org/
  specs:
    blankslate (3.1.3)
    byebug (9.0.6)
    dicebag (3.2.2)
      parslet (~> 1.4, >= 1.4.0)
    parslet (1.7.1)
      blankslate (>= 2.0, <= 4.0)

PLATFORMS
  ruby

DEPENDENCIES
  byebug
  dicebag
  dndhelper!

BUNDLED WITH
   1.13.7
