GEM
  remote: https://rubygems.org/
  specs:
    blankslate (3.1.3)
    commander (4.4.3)
      highline (~> 1.7.2)
    dicebag (3.2.2)
      parslet (~> 1.4, >= 1.4.0)
    highline (1.7.8)
    parslet (1.7.1)
      blankslate (>= 2.0, <= 4.0)

PLATFORMS
  ruby

DEPENDENCIES
  commander
  dicebag

BUNDLED WITH
   1.13.7
