PATH
  remote: .
  specs:
    dndhelper (0.1)

GEM
  remote: https://rubygems.org/
  specs:
    awesome_print (1.7.0)
    blankslate (3.1.3)
    byebug (9.0.6)
    dicebag (3.2.2)
      parslet (~> 1.4, >= 1.4.0)
    parslet (1.7.1)
      blankslate (>= 2.0, <= 4.0)
    rb-readline (0.5.3)

PLATFORMS
  ruby

DEPENDENCIES
  awesome_print
  byebug
  dicebag
  dndhelper!
  rb-readline

BUNDLED WITH
   1.13.7
